GEM
  remote: https://rubygems.org/
  specs:
    ast (2.4.2)
    diff-lcs (1.5.0)
    json (2.6.3)
    language_server-protocol (3.17.0.3)
    parallel (1.22.1)
    parser (3.2.1.0)
      ast (~> 2.4.1)
    prettier_print (1.2.0)
    rainbow (3.1.1)
    regexp_parser (2.7.0)
    rexml (3.2.5)
    rspec-core (3.9.2)
      rspec-support (~> 3.9.3)
    rspec-expectations (3.9.2)
      diff-lcs (>= 1.2.0, < 2.0)
      rspec-support (~> 3.9.0)
    rspec-mocks (3.9.1)
      diff-lcs (>= 1.2.0, < 2.0)
      rspec-support (~> 3.9.0)
    rspec-support (3.9.3)
    rubocop (1.47.0)
      json (~> 2.3)
      parallel (~> 1.10)
      parser (>= 3.2.0.0)
      rainbow (>= 2.2.2, < 4.0)
      regexp_parser (>= 1.8, < 3.0)
      rexml (>= 3.2.5, < 4.0)
      rubocop-ast (>= 1.26.0, < 2.0)
      ruby-progressbar (~> 1.7)
      unicode-display_width (>= 2.4.0, < 3.0)
    rubocop-ast (1.27.0)
      parser (>= 3.2.1.0)
    ruby-lsp (0.4.1)
      language_server-protocol (~> 3.17.0)
      sorbet-runtime
      syntax_tree (>= 6, < 7)
    ruby-progressbar (1.12.0)
    sorbet-runtime (0.5.10693)
    syntax_tree (6.0.1)
      prettier_print (>= 1.2.0)
    unicode-display_width (2.4.2)

PLATFORMS
  ruby

DEPENDENCIES
  rspec-core (= 3.9.2)
  rspec-expectations (= 3.9.2)
  rspec-mocks (= 3.9.1)
  rspec-support (= 3.9.3)
  rubocop (~> 1.47)
  ruby-lsp (~> 0.4.1)

BUNDLED WITH
   2.3.14
